PATH
  remote: .
  specs:
    bunny_mock (0.0.2)

GEM
  remote: http://rubygems.org/
  specs:
    diff-lcs (1.2.1)
    multi_json (1.7.2)
    rake (10.0.3)
    rspec (2.13.0)
      rspec-core (~> 2.13.0)
      rspec-expectations (~> 2.13.0)
      rspec-mocks (~> 2.13.0)
    rspec-core (2.13.1)
    rspec-expectations (2.13.0)
      diff-lcs (>= 1.1.3, < 2.0)
    rspec-given (2.4.1)
      rspec (>= 2.11)
      sorcerer (>= 0.3.7)
    rspec-mocks (2.13.0)
    simplecov (0.7.1)
      multi_json (~> 1.0)
      simplecov-html (~> 0.7.1)
    simplecov-html (0.7.1)
    sorcerer (0.3.10)

PLATFORMS
  ruby

DEPENDENCIES
  bundler (~> 1.3)
  bunny_mock!
  rake
  rspec
  rspec-given
  simplecov
